GEM
  remote: https://rubygems.org/
  specs:
    Ascii85 (1.0.3)
    activesupport (4.1.11)
      i18n (~> 0.6, >= 0.6.9)
      json (~> 1.7, >= 1.7.7)
      minitest (~> 5.1)
      thread_safe (~> 0.1)
      tzinfo (~> 1.1)
    addressable (2.6.0)
      public_suffix (>= 2.0.2, < 4.0)
    afm (0.2.2)
    asciidoctor (2.0.10)
    asciidoctor-pdf (1.5.0.beta.2)
      asciidoctor (>= 1.5.3, < 3.0.0)
      concurrent-ruby (~> 1.1.0)
      prawn (~> 2.2.0)
      prawn-icon (~> 2.4.0)
      prawn-svg (~> 0.29.0)
      prawn-table (~> 0.2.0)
      prawn-templates (~> 0.1.0)
      safe_yaml (~> 1.0.0)
      thread_safe (~> 0.3.0)
      treetop (~> 1.5.0)
    buftok (0.2.0)
    concurrent-ruby (1.1.5)
    css_parser (1.7.0)
      addressable
    domain_name (0.5.20190701)
      unf (>= 0.0.5, < 1.0.0)
    equalizer (0.0.11)
    equatable (0.5.0)
    faraday (0.11.0)
      multipart-post (>= 1.2, < 3)
    geokit (1.13.1)
    hashery (2.1.2)
    htmlentities (4.3.4)
    http (2.2.2)
      addressable (~> 2.3)
      http-cookie (~> 1.0)
      http-form_data (~> 1.0.1)
      http_parser.rb (~> 0.6.0)
    http-cookie (1.0.3)
      domain_name (~> 0.5)
    http-form_data (1.0.3)
    http_parser.rb (0.6.0)
    i18n (0.9.5)
      concurrent-ruby (~> 1.0)
    jira-ruby (1.5.0)
      activesupport
      multipart-post
      oauth (~> 0.5, >= 0.5.0)
    json (1.8.3.1)
    launchy (2.4.3)
      addressable (~> 2.3)
    memoizable (0.4.2)
      thread_safe (~> 0.3, >= 0.3.1)
    minitest (5.8.5)
    multipart-post (2.1.1)
    naught (1.1.0)
    necromancer (0.4.0)
    oauth (0.5.4)
    pastel (0.7.2)
      equatable (~> 0.5.0)
      tty-color (~> 0.4.0)
    pdf-core (0.7.0)
    pdf-reader (2.2.1)
      Ascii85 (~> 1.0.0)
      afm (~> 0.2.1)
      hashery (~> 2.0)
      ruby-rc4
      ttfunk
    polyglot (0.3.5)
    prawn (2.2.2)
      pdf-core (~> 0.7.0)
      ttfunk (~> 1.5)
    prawn-icon (2.4.0)
      prawn (>= 1.1.0, < 3.0.0)
    prawn-svg (0.29.1)
      css_parser (~> 1.6)
      prawn (>= 0.11.1, < 3)
    prawn-table (0.2.2)
      prawn (>= 1.3.0, < 3.0.0)
    prawn-templates (0.1.1)
      pdf-reader (~> 2.0)
      prawn (~> 2.2)
    public_suffix (3.1.1)
    retryable (2.0.4)
    ruby-rc4 (0.1.5)
    safe_yaml (1.0.5)
    simple_oauth (0.3.1)
    strings (0.1.4)
      strings-ansi (~> 0.1.0)
      unicode-display_width (~> 1.4.0)
      unicode_utils (~> 1.4.0)
    strings-ansi (0.1.0)
    t (3.1.0)
      geokit (~> 1.9)
      htmlentities (~> 4.3)
      launchy (~> 2.4)
      oauth (~> 0.5.1)
      retryable (~> 2.0)
      thor (>= 0.19.1, < 2)
      twitter (~> 6.0)
    terjira (0.4.3)
      activesupport (= 4.1.11)
      jira-ruby (= 1.5.0)
      thor (~> 0.19.0)
      tty-prompt (~> 0.16.1)
      tty-spinner (~> 0.4.1)
      tty-table (~> 0.10.0)
    thor (0.19.4)
    thread_safe (0.3.6)
    timers (4.3.0)
    treetop (1.5.3)
      polyglot (~> 0.3)
    ttfunk (1.5.1)
    tty-color (0.4.3)
    tty-cursor (0.5.0)
    tty-prompt (0.16.1)
      necromancer (~> 0.4.0)
      pastel (~> 0.7.0)
      timers (~> 4.0)
      tty-cursor (~> 0.5.0)
      tty-reader (~> 0.3.0)
    tty-reader (0.3.0)
      tty-cursor (~> 0.5.0)
      tty-screen (~> 0.6.4)
      wisper (~> 2.0.0)
    tty-screen (0.6.5)
    tty-spinner (0.4.1)
    tty-table (0.10.0)
      equatable (~> 0.5.0)
      necromancer (~> 0.4.0)
      pastel (~> 0.7.2)
      strings (~> 0.1.0)
      tty-screen (~> 0.6.4)
    twitter (6.1.0)
      addressable (~> 2.5)
      buftok (~> 0.2.0)
      equalizer (= 0.0.11)
      faraday (~> 0.11.0)
      http (~> 2.1)
      http_parser.rb (~> 0.6.0)
      memoizable (~> 0.4.2)
      naught (~> 1.1)
      simple_oauth (~> 0.3.1)
    tzinfo (1.2.5)
      thread_safe (~> 0.1)
    unf (0.1.4)
      unf_ext
    unf_ext (0.0.7.6)
    unicode-display_width (1.4.1)
    unicode_utils (1.4.0)
    wisper (2.0.0)

PLATFORMS
  ruby

DEPENDENCIES
  asciidoctor-pdf
  t
  terjira
  twitter (~> 6.1.0)

BUNDLED WITH
   2.0.2
